PATH
  remote: .
  specs:
    i18n-one_sky (2.0.0)
      activesupport (>= 2.2.2)
      i18n (>= 0.5.0)
      i18n-active_record (>= 0.0.2)
      one_sky (= 2.0.0)

GEM
  remote: http://rubygems.org/
  specs:
    activesupport (3.1.3)
      multi_json (~> 1.0)
    diff-lcs (1.1.3)
    i18n (0.6.0)
    i18n-active_record (0.0.2)
      i18n (>= 0.5.0)
    json (1.6.3)
    mime-types (1.17.2)
    multi_json (1.0.4)
    one_sky (2.0.0)
      json (>= 1.4.0)
      rest-client (>= 1.4.0)
    rest-client (1.6.7)
      mime-types (>= 1.16)
    rspec (2.2.0)
      rspec-core (~> 2.2)
      rspec-expectations (~> 2.2)
      rspec-mocks (~> 2.2)
    rspec-core (2.7.1)
    rspec-expectations (2.7.0)
      diff-lcs (~> 1.1.2)
    rspec-mocks (2.7.0)

PLATFORMS
  ruby

DEPENDENCIES
  bundler (>= 1.0.0)
  i18n-one_sky!
  rspec (~> 2.2.0)
